STORAGE: NONE
RESTRICTION: || (== net472) (== netcoreapp3.1) (== netstandard2.0)
NUGET
  remote: https://api.nuget.org/v3/index.json
    FSharp.Core (4.7)
GITHUB
  remote: fsprojects/FSharp.TypeProviders.SDK
    src/ProvidedTypes.fs (6e3933d4e5c83049cbd2e51237ebf1faae9e657d)
    src/ProvidedTypes.fsi (6e3933d4e5c83049cbd2e51237ebf1faae9e657d)